PATH
  remote: vendor/gems/wowr-0.5.3
  specs:
    wowr (0.5.3)

GEM
  remote: https://rubygems.org/
  specs:
    actionmailer (2.3.18)
      actionpack (= 2.3.18)
    actionpack (2.3.18)
      activesupport (= 2.3.18)
      rack (~> 1.1.0)
    activerecord (2.3.18)
      activesupport (= 2.3.18)
    activeresource (2.3.18)
      activesupport (= 2.3.18)
    activesupport (2.3.18)
    builder (3.2.2)
    columnize (0.8.9)
    daemons (1.0.10)
    debugger (1.6.8)
      columnize (>= 0.3.1)
      debugger-linecache (~> 1.2.0)
      debugger-ruby_core_source (~> 1.3.5)
    debugger-linecache (1.2.0)
    debugger-ruby_core_source (1.3.7)
    delayed_job (2.0.8)
      activesupport (~> 2.0)
      daemons (= 1.0.10)
    haml (3.1.8)
    hoptoad_notifier (2.4.11)
      activesupport
      builder
    hpricot (0.8.6)
    mysql (2.9.1)
    newrelic_rpm (3.9.7.266)
    rack (1.1.6)
    rails (2.3.18)
      actionmailer (= 2.3.18)
      actionpack (= 2.3.18)
      activerecord (= 2.3.18)
      activeresource (= 2.3.18)
      activesupport (= 2.3.18)
      rake (>= 0.8.3)
    rake (10.3.2)
    subdomain-fu (0.5.4)
    twiliolib (2.0.7)
      builder (>= 2.1.2)
    will_paginate (2.3.16)

PLATFORMS
  ruby

DEPENDENCIES
  debugger
  delayed_job (~> 2.0.3)
  haml (~> 3.0)
  hoptoad_notifier
  hpricot
  mysql
  newrelic_rpm
  rails (~> 2.3.8)
  subdomain-fu
  twiliolib
  will_paginate (~> 2.3.11)
  wowr!
